GEM
  remote: http://rubygems.org/
  specs:
    git (1.2.5)
    hashie (1.2.0)
    jeweler (1.5.2)
      bundler (~> 1.0.0)
      git (>= 1.2.5)
      rake
    json_pure (1.4.6)
    mime-types (1.16)
    rake (0.9.2)
    rest-client (1.6.3)
      mime-types (>= 1.16)
    simple_oauth (0.1.5)

PLATFORMS
  ruby

DEPENDENCIES
  bundler (~> 1.0.0)
  hashie (~> 1.2.0)
  jeweler (~> 1.5.2)
  json_pure (~> 1.4.6)
  rest-client (~> 1.6.3)
  simple_oauth (~> 0.1.4)
