GEM
  remote: http://rubygems.org/
  specs:
    git (1.2.5)
    hashie (1.0.0)
    jeweler (1.5.2)
      bundler (~> 1.0.0)
      git (>= 1.2.5)
      rake
    json_pure (1.4.6)
    mime-types (1.16)
    rake (0.9.2)
    rcov (0.9.9)
    rest-client (1.6.3)
      mime-types (>= 1.16)
    shoulda (2.11.3)
    simple_oauth (0.1.4)

PLATFORMS
  ruby

DEPENDENCIES
  bundler (~> 1.0.0)
  hashie (= 1.0.0)
  jeweler (~> 1.5.2)
  json_pure (= 1.4.6)
  rake (= 0.9.2)
  rcov
  rest-client
  shoulda
  simple_oauth (= 0.1.4)
